GIT
  remote: git://github.com/sinatra/sinatra.git
  revision: c1ed18e0be4bd3fdc5795daf33a8e800113d6acb
  specs:
    sinatra (1.4.6)
      rack (~> 1.5, >= 1.5.4, < 1.6)
      rack-protection (~> 1.4)
      tilt (>= 1.3, < 3)

GEM
  remote: https://rubygems.org/
  specs:
    haml (4.0.6)
      tilt
    rack (1.5.5)
    rack-protection (1.5.3)
      rack
    tilt (2.0.1)

PLATFORMS
  ruby

DEPENDENCIES
  haml
  sinatra!
